{
  "aor": 0.00505,
  "aqi": 0.010020484490740741,
  "bids_meta": {
    "AcquisitionMatrixPE": 74,
    "AcquisitionNumber": 1,
    "AcquisitionTime": "14:20:47.522500",
    "BandwidthPerPixelPhaseEncode": 27.579,
    "BaseResolution": 74,
    "BodyPartExamined": "BRAIN",
    "CogAtlasID": "TODO",
    "CoilString": "HE1-4;NE1_2",
    "ConsistencyInfo": "N4_VE11C_LATEST_20160120",
    "ConversionSoftware": "dcm2niix",
    "ConversionSoftwareVersion": "v1.0.20190410  GCC6.3.0",
    "DerivedVendorReportedEchoSpacing": 0.000489993,
    "DeviceSerialNumber": "166048",
    "DwellTime": 2.9e-06,
    "EchoTime": 0.023,
    "EchoTrainLength": 74,
    "EffectiveEchoSpacing": 0.000489993,
    "FlipAngle": 76,
    "ImageOrientationPatientDICOM": [
      1,
      0,
      0,
      0,
      0.926529,
      -0.376224
    ],
    "ImageType": [
      "ORIGINAL",
      "PRIMARY",
      "M",
      "ND",
      "NORM",
      "MOSAIC"
    ],
    "ImagingFrequency": 123.246,
    "InPlanePhaseEncodingDirectionDICOM": "COL",
    "InstitutionAddress": "North_13th_1701_Philadelphia_PA_US_19122",
    "InstitutionName": "Temple_University_-_Weiss_Hall",
    "InstitutionalDepartmentName": "Department",
    "MRAcquisitionType": "2D",
    "MagneticFieldStrength": 3,
    "Manufacturer": "Siemens",
    "ManufacturersModelName": "Prisma",
    "Modality": "MR",
    "PartialFourier": 1,
    "PatientPosition": "HFS",
    "PercentPhaseFOV": 100,
    "PhaseEncodingDirection": "j-",
    "PhaseEncodingSteps": 74,
    "PhaseResolution": 1,
    "PixelBandwidth": 2330,
    "ProcedureStepDescription": "SMITH_SRNDNA",
    "ProtocolName": "func-bold_trust_run1",
    "PulseSequenceDetails": "%SiemensSeq%_ep2d_bold",
    "ReceiveCoilActiveElements": "HE1-4;NE1,2",
    "ReceiveCoilName": "HeadNeck_20",
    "ReconMatrixPE": 74,
    "RepetitionTime": 2.02,
    "SAR": 0.0842193,
    "ScanOptions": "FS",
    "ScanningSequence": "EP",
    "SequenceName": "_epfid2d1_74",
    "SequenceVariant": "SK",
    "SeriesDescription": "func-bold_trust_run1",
    "SeriesNumber": 10,
    "ShimSetting": [
      1411,
      -7418,
      6506,
      192,
      110,
      240,
      124,
      37
    ],
    "SliceThickness": 2.8,
    "SliceTiming": [
      1.945,
      1.8875,
      1.8325,
      1.7775,
      1.7225,
      1.6675,
      1.61,
      1.555,
      1.5,
      1.445,
      1.3875,
      1.3325,
      1.2775,
      1.2225,
      1.1675,
      1.11,
      1.055,
      1,
      0.945,
      0.89,
      0.8325,
      0.7775,
      0.7225,
      0.6675,
      0.61,
      0.555,
      0.5,
      0.445,
      0.39,
      0.3325,
      0.2775,
      0.2225,
      0.1675,
      0.11,
      0.055,
      0
    ],
    "SoftwareVersions": "syngo_MR_E11",
    "SpacingBetweenSlices": 3.22,
    "StationName": "AWP166048",
    "TaskName": "trust",
    "TotalReadoutTime": 0.0357695,
    "TxRefAmp": 276.954,
    "dataset": "unknown",
    "modality": "bold",
    "run_id": 2,
    "subject_id": "132",
    "task_id": "trust"
  },
  "dummy_trs": 1,
  "dvars_nstd": 26.947237866325583,
  "dvars_std": 1.2545523260465115,
  "dvars_vstd": 1.0248272083720933,
  "efc": 0.5105997599935963,
  "fber": 2350.513671875,
  "fd_mean": 0.2842924925513947,
  "fd_num": 139,
  "fd_perc": 64.35185185185185,
  "fwhm_avg": 2.4123362833745516,
  "fwhm_x": 2.2566199873483828,
  "fwhm_y": 2.713395094098008,
  "fwhm_z": 2.2669937686772634,
  "gcor": 0.0200703,
  "gsr_x": -0.0026909192092716694,
  "gsr_y": 0.030335742980241776,
  "provenance": {
    "md5sum": "f13f56d8e038008da336d904371fe0c1",
    "settings": {
      "fd_thres": 0.2,
      "hmc_fsl": false
    },
    "software": "mriqc",
    "version": "0.15.1",
    "webapi_port": null,
    "webapi_url": "https://mriqc.nimh.nih.gov/api/v1"
  },
  "size_t": 216,
  "size_x": 74,
  "size_y": 74,
  "size_z": 36,
  "snr": 4.965389960229328,
  "spacing_tr": 2.0199999809265137,
  "spacing_x": 2.972972869873047,
  "spacing_y": 2.972972869873047,
  "spacing_z": 3.2200000286102295,
  "spikes_num": 7,
  "summary_bg_k": 49.097293843057024,
  "summary_bg_mad": 7.598336696624756,
  "summary_bg_mean": 30.51607894897461,
  "summary_bg_median": 15.351852416992188,
  "summary_bg_n": 115851.0,
  "summary_bg_p05": 7.472222328186035,
  "summary_bg_p95": 102.85648345947266,
  "summary_bg_stdv": 51.13958740234375,
  "summary_fg_k": 3.8133369587897628,
  "summary_fg_mad": 113.08271789550781,
  "summary_fg_mean": 773.8526611328125,
  "summary_fg_median": 771.0879516601562,
  "summary_fg_n": 43863.0,
  "summary_fg_p05": 540.0296569824219,
  "summary_fg_p95": 1011.1708618164063,
  "summary_fg_stdv": 155.29075622558594,
  "tsnr": 59.50249481201172
}