{
  "aor": 0.0015407407407407407,
  "aqi": 0.007592078287037037,
  "bids_meta": {
    "AcquisitionMatrixPE": 74,
    "AcquisitionNumber": 1,
    "AcquisitionTime": "14:12:39.737500",
    "BandwidthPerPixelPhaseEncode": 27.579,
    "BaseResolution": 74,
    "BodyPartExamined": "BRAIN",
    "CogAtlasID": "TODO",
    "CoilString": "HE1-4;NE1_2",
    "ConsistencyInfo": "N4_VE11C_LATEST_20160120",
    "ConversionSoftware": "dcm2niix",
    "ConversionSoftwareVersion": "v1.0.20190410  GCC6.3.0",
    "DerivedVendorReportedEchoSpacing": 0.000489993,
    "DeviceSerialNumber": "166048",
    "DwellTime": 2.9e-06,
    "EchoTime": 0.023,
    "EchoTrainLength": 74,
    "EffectiveEchoSpacing": 0.000489993,
    "FlipAngle": 76,
    "ImageOrientationPatientDICOM": [
      1,
      0,
      0,
      0,
      0.926529,
      -0.376224
    ],
    "ImageType": [
      "ORIGINAL",
      "PRIMARY",
      "M",
      "ND",
      "NORM",
      "MOSAIC"
    ],
    "ImagingFrequency": 123.246,
    "InPlanePhaseEncodingDirectionDICOM": "COL",
    "InstitutionAddress": "North_13th_1701_Philadelphia_PA_US_19122",
    "InstitutionName": "Temple_University_-_Weiss_Hall",
    "InstitutionalDepartmentName": "Department",
    "MRAcquisitionType": "2D",
    "MagneticFieldStrength": 3,
    "Manufacturer": "Siemens",
    "ManufacturersModelName": "Prisma",
    "Modality": "MR",
    "PartialFourier": 1,
    "PatientPosition": "HFS",
    "PercentPhaseFOV": 100,
    "PhaseEncodingDirection": "j-",
    "PhaseEncodingSteps": 74,
    "PhaseResolution": 1,
    "PixelBandwidth": 2330,
    "ProcedureStepDescription": "SMITH_SRNDNA",
    "ProtocolName": "func-bold_trust_run0",
    "PulseSequenceDetails": "%SiemensSeq%_ep2d_bold",
    "ReceiveCoilActiveElements": "HE1-4;NE1,2",
    "ReceiveCoilName": "HeadNeck_20",
    "ReconMatrixPE": 74,
    "RepetitionTime": 2.02,
    "SAR": 0.0842193,
    "ScanOptions": "FS",
    "ScanningSequence": "EP",
    "SequenceName": "_epfid2d1_74",
    "SequenceVariant": "SK",
    "SeriesDescription": "func-bold_trust_run0",
    "SeriesNumber": 9,
    "ShimSetting": [
      1412,
      -7413,
      6502,
      189,
      114,
      230,
      108,
      39
    ],
    "SliceThickness": 2.8,
    "SliceTiming": [
      1.9425,
      1.8875,
      1.8325,
      1.7775,
      1.72,
      1.665,
      1.61,
      1.555,
      1.4975,
      1.4425,
      1.3875,
      1.3325,
      1.2775,
      1.22,
      1.165,
      1.11,
      1.055,
      1,
      0.9425,
      0.8875,
      0.8325,
      0.7775,
      0.72,
      0.665,
      0.61,
      0.555,
      0.5,
      0.4425,
      0.3875,
      0.3325,
      0.2775,
      0.22,
      0.165,
      0.11,
      0.055,
      0
    ],
    "SoftwareVersions": "syngo_MR_E11",
    "SpacingBetweenSlices": 3.22,
    "StationName": "AWP166048",
    "TaskName": "trust",
    "TotalReadoutTime": 0.0357695,
    "TxRefAmp": 276.954,
    "dataset": "unknown",
    "modality": "bold",
    "run_id": 1,
    "subject_id": "132",
    "task_id": "trust"
  },
  "dummy_trs": 1,
  "dvars_nstd": 32.1874414843721,
  "dvars_std": 1.3675696384651164,
  "dvars_vstd": 0.9980934874883726,
  "efc": 0.5177512490888796,
  "fber": 2050.935302734375,
  "fd_mean": 0.25855183710877133,
  "fd_num": 141,
  "fd_perc": 65.27777777777777,
  "fwhm_avg": 2.399306820155228,
  "fwhm_x": 2.24652571427105,
  "fwhm_y": 2.67554072914889,
  "fwhm_z": 2.2758540170457433,
  "gcor": 0.0181482,
  "gsr_x": -0.009349779225885868,
  "gsr_y": 0.031507983803749084,
  "provenance": {
    "md5sum": "27974e09f6394090e9c62d8c335a0f3b",
    "settings": {
      "fd_thres": 0.2,
      "hmc_fsl": false
    },
    "software": "mriqc",
    "version": "0.15.1",
    "webapi_port": null,
    "webapi_url": "https://mriqc.nimh.nih.gov/api/v1"
  },
  "size_t": 216,
  "size_x": 74,
  "size_y": 74,
  "size_z": 36,
  "snr": 4.988712103585804,
  "spacing_tr": 2.0199999809265137,
  "spacing_x": 2.972972869873047,
  "spacing_y": 2.972972869873047,
  "spacing_z": 3.2200000286102295,
  "spikes_num": 0,
  "summary_bg_k": 42.701933618075934,
  "summary_bg_mad": 7.409578323364258,
  "summary_bg_mean": 33.9073486328125,
  "summary_bg_median": 16.4375,
  "summary_bg_n": 115118.0,
  "summary_bg_p05": 8.875,
  "summary_bg_p95": 111.81967964172344,
  "summary_bg_stdv": 58.52111053466797,
  "summary_fg_k": 3.6713920768596235,
  "summary_fg_mad": 112.91802978515625,
  "summary_fg_mean": 777.7415771484375,
  "summary_fg_median": 775.3240966796875,
  "summary_fg_n": 44218.0,
  "summary_fg_p05": 534.7722137451171,
  "summary_fg_p95": 1014.7578674316408,
  "summary_fg_stdv": 155.41392517089844,
  "tsnr": 68.49742889404297
}