{
  "bids_meta": {
    "AcquisitionMatrixPE": 192,
    "AcquisitionNumber": 1,
    "AcquisitionTime": "10:42:10.267500",
    "BaseResolution": 192,
    "BodyPartExamined": "BRAIN",
    "CoilString": "HE1-4;NE1_2",
    "ConsistencyInfo": "N4_VE11C_LATEST_20160120",
    "ConversionSoftware": "dcm2niix",
    "ConversionSoftwareVersion": "v1.0.20190410  GCC6.3.0",
    "DeviceSerialNumber": "166048",
    "DwellTime": 1.24e-05,
    "EchoTime": 0.0022,
    "FlipAngle": 8,
    "ImageOrientationPatientDICOM": [
      0,
      1,
      0,
      0,
      0,
      -1
    ],
    "ImageType": [
      "ORIGINAL",
      "PRIMARY",
      "M",
      "ND",
      "NORM",
      "FM3",
      "2",
      "FIL"
    ],
    "ImagingFrequency": 123.246,
    "InPlanePhaseEncodingDirectionDICOM": "ROW",
    "InstitutionAddress": "North_13th_1701_Philadelphia_PA_US_19122",
    "InstitutionName": "Temple_University_-_Weiss_Hall",
    "InstitutionalDepartmentName": "Department",
    "InversionTime": 1.15,
    "MRAcquisitionType": "3D",
    "MagneticFieldStrength": 3,
    "Manufacturer": "Siemens",
    "ManufacturersModelName": "Prisma",
    "Modality": "MR",
    "PartialFourier": 1,
    "PatientPosition": "HFS",
    "PercentPhaseFOV": 100,
    "PhaseEncodingSteps": 211,
    "PhaseOversampling": 0.1,
    "PhaseResolution": 1,
    "PixelBandwidth": 210,
    "ProcedureStepDescription": "SMITH_SRNDNA",
    "ProtocolName": "T1w-anat_mpg_07sag_iso",
    "PulseSequenceDetails": "%SiemensSeq%_tfl",
    "ReceiveCoilActiveElements": "HE1-4;NE1,2",
    "ReceiveCoilName": "HeadNeck_20",
    "ReconMatrixPE": 192,
    "RefLinesPE": 32,
    "RepetitionTime": 2.4,
    "SAR": 0.0464694,
    "ScanOptions": "IR_WE",
    "ScanningSequence": "GR_IR",
    "SequenceName": "_tfl3d1_16ns",
    "SequenceVariant": "SK_SP_MP_OSP",
    "SeriesDescription": "T1w-anat_mpg_07sag_iso",
    "SeriesNumber": 5,
    "ShimSetting": [
      1434,
      -7476,
      6486,
      65,
      44,
      -404,
      -36,
      19
    ],
    "SliceThickness": 1,
    "SoftwareVersions": "syngo_MR_E11",
    "StationName": "AWP166048",
    "TxRefAmp": 257.693,
    "dataset": "unknown",
    "modality": "T1w",
    "subject_id": "130"
  },
  "cjv": 0.7668748063030821,
  "cnr": 1.7279385940792267,
  "efc": 0.6684058304500757,
  "fber": 913.185302734375,
  "fwhm_avg": 3.803713333333333,
  "fwhm_x": 3.73355,
  "fwhm_y": 3.93757,
  "fwhm_z": 3.74002,
  "icvs_csf": 0.21970849385052138,
  "icvs_gm": 0.37544569011695345,
  "icvs_wm": 0.4048458160325252,
  "inu_med": 1.7197885513305664,
  "inu_range": 0.7408030748367307,
  "provenance": {
    "md5sum": "71c89801aa9874619ecf7ef1ee6bdae2",
    "settings": {
      "testing": false
    },
    "software": "mriqc",
    "version": "0.15.1",
    "warnings": {
      "large_rot_frame": true,
      "small_air_mask": false
    },
    "webapi_port": null,
    "webapi_url": "https://mriqc.nimh.nih.gov/api/v1"
  },
  "qi_1": 4.068958381531114e-06,
  "qi_2": 0.0022859539520446036,
  "rpve_csf": 18.997556138373504,
  "rpve_gm": 10.516937012051846,
  "rpve_wm": 11.97499816150377,
  "size_x": 192,
  "size_y": 192,
  "size_z": 192,
  "snr_csf": 2.663950715978668,
  "snr_gm": 9.051651531295082,
  "snr_total": 8.662801897280131,
  "snr_wm": 14.272803444566645,
  "snrd_csf": 17.38062374006863,
  "snrd_gm": 40.66330491540682,
  "snrd_total": 36.25926174069931,
  "snrd_wm": 50.73385656662247,
  "spacing_x": 1.0,
  "spacing_y": 1.0,
  "spacing_z": 1.0,
  "summary_bg_k": 91.84170910413435,
  "summary_bg_mad": 12.91446304321289,
  "summary_bg_mean": 25.804271697998047,
  "summary_bg_median": 21.463134765625,
  "summary_bg_n": 1541976.0,
  "summary_bg_p05": 9.38673734664917,
  "summary_bg_p95": 59.72747325897217,
  "summary_bg_stdv": 21.16177749633789,
  "summary_csf_k": 0.04420866043600524,
  "summary_csf_mad": 129.42327880859375,
  "summary_csf_mean": 356.6490173339844,
  "summary_csf_median": 342.61785888671875,
  "summary_csf_n": 21389.0,
  "summary_csf_p05": 168.07735290527341,
  "summary_csf_p95": 586.1292358398437,
  "summary_csf_stdv": 128.60968017578125,
  "summary_gm_k": -0.22424775980298506,
  "summary_gm_mad": 91.76795959472656,
  "summary_gm_mean": 806.8888549804688,
  "summary_gm_median": 801.580810546875,
  "summary_gm_n": 8728.0,
  "summary_gm_p05": 670.4647003173828,
  "summary_gm_p95": 959.2025360107422,
  "summary_gm_stdv": 88.55123138427734,
  "summary_wm_k": 2.2583513099236887,
  "summary_wm_mad": 60.46979522705078,
  "summary_wm_mean": 1010.0159301757812,
  "summary_wm_median": 1000.097900390625,
  "summary_wm_n": 179540.0,
  "summary_wm_p05": 914.868115234375,
  "summary_wm_p95": 1139.001867675781,
  "summary_wm_stdv": 70.06998443603516,
  "tpm_overlap_csf": 0.2331724464893341,
  "tpm_overlap_gm": 0.4629918336868286,
  "tpm_overlap_wm": 0.5629431009292603,
  "wm2max": 0.5930008640882835
}