{
  "bids_meta": {
    "AcquisitionMatrixPE": 192,
    "AcquisitionNumber": 1,
    "AcquisitionTime": "13:59:59.550000",
    "BaseResolution": 192,
    "BodyPartExamined": "BRAIN",
    "CoilString": "HE1-4;NE1_2",
    "ConsistencyInfo": "N4_VE11C_LATEST_20160120",
    "ConversionSoftware": "dcm2niix",
    "ConversionSoftwareVersion": "v1.0.20190410  GCC6.3.0",
    "DeviceSerialNumber": "166048",
    "DwellTime": 3.5e-06,
    "EchoTime": 0.567,
    "EchoTrainLength": 314,
    "FlipAngle": 120,
    "ImageOrientationPatientDICOM": [
      0,
      1,
      0,
      0,
      0,
      -1
    ],
    "ImageType": [
      "ORIGINAL",
      "PRIMARY",
      "M",
      "ND",
      "NORM"
    ],
    "ImagingFrequency": 123.246,
    "InPlanePhaseEncodingDirectionDICOM": "ROW",
    "InstitutionAddress": "North_13th_1701_Philadelphia_PA_US_19122",
    "InstitutionName": "Temple_University_-_Weiss_Hall",
    "InstitutionalDepartmentName": "Department",
    "MRAcquisitionType": "3D",
    "MagneticFieldStrength": 3,
    "Manufacturer": "Siemens",
    "ManufacturersModelName": "Prisma",
    "Modality": "MR",
    "PartialFourier": 1,
    "PatientPosition": "HFS",
    "PercentPhaseFOV": 100,
    "PhaseEncodingSteps": 209,
    "PhaseOversampling": 0.1,
    "PhaseResolution": 1,
    "PixelBandwidth": 745,
    "ProcedureStepDescription": "SMITH_SRNDNA",
    "ProtocolName": "T2w-anat_spc_07sag_iso",
    "PulseSequenceDetails": "%SiemensSeq%_tse_vfl",
    "ReceiveCoilActiveElements": "HE1-4;NE1,2",
    "ReceiveCoilName": "HeadNeck_20",
    "ReconMatrixPE": 192,
    "RefLinesPE": 32,
    "RepetitionTime": 3.2,
    "SAR": 0.150059,
    "ScanOptions": "PFP",
    "ScanningSequence": "SE",
    "SequenceName": "_spc_314ns",
    "SequenceVariant": "SK_SP_OSP",
    "SeriesDescription": "T2w-anat_spc_07sag_iso",
    "SeriesNumber": 3,
    "ShimSetting": [
      1412,
      -7456,
      6484,
      152,
      109,
      -63,
      11,
      52
    ],
    "SliceThickness": 1,
    "SoftwareVersions": "syngo_MR_E11",
    "StationName": "AWP166048",
    "TxRefAmp": 276.954,
    "dataset": "unknown",
    "modality": "T2w",
    "subject_id": "132"
  },
  "cjv": 0.686907399377323,
  "cnr": 1.7683831070929432,
  "efc": 0.7228938267645922,
  "fber": 27.02510643005371,
  "fwhm_avg": 2.48897,
  "fwhm_x": 2.28661,
  "fwhm_y": 2.75564,
  "fwhm_z": 2.42466,
  "icvs_csf": 0.2826488438678939,
  "icvs_gm": 0.6194728947539981,
  "icvs_wm": 0.097878261378108,
  "inu_med": 1.349745512008667,
  "inu_range": 0.5566691756248474,
  "provenance": {
    "md5sum": "680eb6cb72a42b8cd6b881039e310b76",
    "settings": {
      "testing": false
    },
    "software": "mriqc",
    "version": "0.15.1",
    "warnings": {
      "large_rot_frame": true,
      "small_air_mask": false
    },
    "webapi_port": null,
    "webapi_url": "https://mriqc.nimh.nih.gov/api/v1"
  },
  "qi_1": 0.0,
  "qi_2": 0.0006309064294089049,
  "rpve_csf": 11.663899497252583,
  "rpve_gm": 6.666440699078244,
  "rpve_wm": 35.04438885985216,
  "size_x": 192,
  "size_y": 192,
  "size_z": 192,
  "snr_csf": 7.0974346942943916,
  "snr_gm": 7.192565671845256,
  "snr_total": 5.741601711833339,
  "snr_wm": 2.9348047693603694,
  "snrd_csf": 15.313877577900625,
  "snrd_gm": 6.409613808082199,
  "snrd_total": 8.42566656919277,
  "snrd_wm": 3.5535083215954892,
  "spacing_x": 1.0,
  "spacing_y": 1.0,
  "spacing_z": 1.0,
  "summary_bg_k": 0.38150467757185513,
  "summary_bg_mad": 184.4862060546875,
  "summary_bg_mean": 299.4796142578125,
  "summary_bg_median": 295.0856628417969,
  "summary_bg_n": 1303441.0,
  "summary_bg_p05": 56.86080551147461,
  "summary_bg_p95": 572.9737548828125,
  "summary_bg_stdv": 166.25119018554688,
  "summary_csf_k": 2.8608264823819534,
  "summary_csf_mad": 483.8220520019531,
  "summary_csf_mean": 4262.01611328125,
  "summary_csf_median": 4312.38330078125,
  "summary_csf_n": 64808.0,
  "summary_csf_p05": 3147.045373535156,
  "summary_csf_p95": 5134.795654296874,
  "summary_csf_stdv": 607.5927734375,
  "summary_gm_k": 0.259108334992165,
  "summary_gm_mad": 244.09494018554688,
  "summary_gm_mean": 1822.908447265625,
  "summary_gm_median": 1804.9453125,
  "summary_gm_n": 193154.0,
  "summary_gm_p05": 1439.91103515625,
  "summary_gm_p95": 2263.7450317382813,
  "summary_gm_stdv": 250.9453125,
  "summary_wm_k": 0.8460494345597716,
  "summary_wm_mad": 308.369873046875,
  "summary_wm_mean": 1009.2490844726562,
  "summary_wm_median": 1000.6668701171875,
  "summary_wm_n": 6384.0,
  "summary_wm_p05": 461.91481323242186,
  "summary_wm_p95": 1590.1003906249998,
  "summary_wm_stdv": 340.9386901855469,
  "tpm_overlap_csf": 0.16135774552822113,
  "tpm_overlap_gm": 0.39665091037750244,
  "tpm_overlap_wm": 0.09514649212360382,
  "wm2max": 0.17986830468072867
}