{
  "aor": 0.015962027649769586,
  "aqi": 0.022526514331797233,
  "bids_meta": {
    "AcquisitionMatrixPE": 74,
    "AcquisitionNumber": 1,
    "AcquisitionTime": "16:32:56.127500",
    "BandwidthPerPixelPhaseEncode": 27.579,
    "BaseResolution": 74,
    "BodyPartExamined": "BRAIN",
    "CogAtlasID": "TODO",
    "CoilString": "HE1-4;NE1_2",
    "ConsistencyInfo": "N4_VE11C_LATEST_20160120",
    "ConversionSoftware": "dcm2niix",
    "ConversionSoftwareVersion": "v1.0.20190410  GCC6.3.0",
    "DerivedVendorReportedEchoSpacing": 0.000489993,
    "DeviceSerialNumber": "166048",
    "DwellTime": 2.9e-06,
    "EchoTime": 0.023,
    "EchoTrainLength": 74,
    "EffectiveEchoSpacing": 0.000489993,
    "FlipAngle": 76,
    "ImageOrientationPatientDICOM": [
      1,
      0,
      0,
      0,
      0.958323,
      -0.285688
    ],
    "ImageType": [
      "ORIGINAL",
      "PRIMARY",
      "M",
      "ND",
      "NORM",
      "MOSAIC"
    ],
    "ImagingFrequency": 123.246,
    "InPlanePhaseEncodingDirectionDICOM": "COL",
    "InstitutionAddress": "North_13th_1701_Philadelphia_PA_US_19122",
    "InstitutionName": "Temple_University_-_Weiss_Hall",
    "InstitutionalDepartmentName": "Department",
    "MRAcquisitionType": "2D",
    "MagneticFieldStrength": 3,
    "Manufacturer": "Siemens",
    "ManufacturersModelName": "Prisma",
    "Modality": "MR",
    "PartialFourier": 1,
    "PatientPosition": "HFS",
    "PercentPhaseFOV": 100,
    "PhaseEncodingDirection": "j-",
    "PhaseEncodingSteps": 74,
    "PhaseResolution": 1,
    "PixelBandwidth": 2330,
    "ProcedureStepDescription": "SMITH_SRNDNA",
    "ProtocolName": "func-bold_trust_run1",
    "PulseSequenceDetails": "%SiemensSeq%_ep2d_bold",
    "ReceiveCoilActiveElements": "HE1-4;NE1,2",
    "ReceiveCoilName": "HeadNeck_20",
    "ReconMatrixPE": 74,
    "RepetitionTime": 2.02,
    "SAR": 0.108909,
    "ScanOptions": "FS",
    "ScanningSequence": "EP",
    "SequenceName": "_epfid2d1_74",
    "SequenceVariant": "SK",
    "SeriesDescription": "func-bold_trust_run1",
    "SeriesNumber": 10,
    "ShimSetting": [
      1424,
      -7436,
      6493,
      279,
      69,
      43,
      -163,
      34
    ],
    "SliceThickness": 2.8,
    "SliceTiming": [
      1.945,
      1.89,
      1.835,
      1.7775,
      1.7225,
      1.6675,
      1.6125,
      1.555,
      1.5,
      1.445,
      1.39,
      1.335,
      1.2775,
      1.2225,
      1.1675,
      1.1125,
      1.055,
      1,
      0.945,
      0.89,
      0.835,
      0.7775,
      0.7225,
      0.6675,
      0.6125,
      0.555,
      0.5,
      0.445,
      0.39,
      0.335,
      0.2775,
      0.2225,
      0.1675,
      0.1125,
      0.055,
      0
    ],
    "SoftwareVersions": "syngo_MR_E11",
    "SpacingBetweenSlices": 3.22,
    "StationName": "AWP166048",
    "TaskName": "trust",
    "TotalReadoutTime": 0.0357695,
    "TxRefAmp": 295.87,
    "dataset": "unknown",
    "modality": "bold",
    "run_id": 2,
    "subject_id": "131",
    "task_id": "trust"
  },
  "dummy_trs": 0,
  "dvars_nstd": 42.26836192180554,
  "dvars_std": 1.2266461271759252,
  "dvars_vstd": 1.0827484114814814,
  "efc": 0.5623312533456218,
  "fber": 1330.1905517578125,
  "fd_mean": 0.6819644666274612,
  "fd_num": 171,
  "fd_perc": 78.80184331797236,
  "fwhm_avg": 2.354786622871322,
  "fwhm_x": 2.1867135303786376,
  "fwhm_y": 2.679994183848786,
  "fwhm_z": 2.197652154386543,
  "gcor": 0.0118577,
  "gsr_x": -0.008752834051847458,
  "gsr_y": 0.06787599623203278,
  "provenance": {
    "md5sum": "10ea4b8b2edcae6c2ae599286dce669e",
    "settings": {
      "fd_thres": 0.2,
      "hmc_fsl": false
    },
    "software": "mriqc",
    "version": "0.15.1",
    "webapi_port": null,
    "webapi_url": "https://mriqc.nimh.nih.gov/api/v1"
  },
  "size_t": 217,
  "size_x": 74,
  "size_y": 74,
  "size_z": 36,
  "snr": 5.086815870813267,
  "spacing_tr": 2.0199999809265137,
  "spacing_x": 2.972972869873047,
  "spacing_y": 2.972972869873047,
  "spacing_z": 3.2200000286102295,
  "spikes_num": 6,
  "summary_bg_k": 24.130166161296447,
  "summary_bg_mad": 9.394368171691895,
  "summary_bg_mean": 56.94074249267578,
  "summary_bg_median": 20.387096405029297,
  "summary_bg_n": 112485.0,
  "summary_bg_p05": 12.294930458068848,
  "summary_bg_p95": 229.9612915039059,
  "summary_bg_stdv": 93.92533874511719,
  "summary_fg_k": 2.9412565383671936,
  "summary_fg_mad": 126.45165252685547,
  "summary_fg_mean": 778.7774047851562,
  "summary_fg_median": 775.1428833007812,
  "summary_fg_n": 46443.0,
  "summary_fg_p05": 556.0544067382812,
  "summary_fg_p95": 1010.5110473632812,
  "summary_fg_stdv": 152.38108825683594,
  "tsnr": 34.65442657470703
}