{
  "aor": 0.004538693467336683,
  "aqi": 0.030508887738693473,
  "bids_meta": {
    "AcquisitionMatrixPE": 74,
    "AcquisitionNumber": 1,
    "AcquisitionTime": "17:25:36.265000",
    "BandwidthPerPixelPhaseEncode": 27.579,
    "BaseResolution": 74,
    "BodyPartExamined": "BRAIN",
    "CogAtlasID": "TODO",
    "CoilString": "HE1-4;NE1_2",
    "ConsistencyInfo": "N4_VE11C_LATEST_20160120",
    "ConversionSoftware": "dcm2niix",
    "ConversionSoftwareVersion": "v1.0.20190410  GCC6.3.0",
    "DerivedVendorReportedEchoSpacing": 0.000489993,
    "DeviceSerialNumber": "166048",
    "DwellTime": 2.9e-06,
    "EchoTime": 0.023,
    "EchoTrainLength": 74,
    "EffectiveEchoSpacing": 0.000489993,
    "FlipAngle": 76,
    "ImageOrientationPatientDICOM": [
      1,
      0,
      0,
      0,
      0.958323,
      -0.285688
    ],
    "ImageType": [
      "ORIGINAL",
      "PRIMARY",
      "M",
      "ND",
      "NORM",
      "MOSAIC"
    ],
    "ImagingFrequency": 123.246,
    "InPlanePhaseEncodingDirectionDICOM": "COL",
    "InstitutionAddress": "North_13th_1701_Philadelphia_PA_US_19122",
    "InstitutionName": "Temple_University_-_Weiss_Hall",
    "InstitutionalDepartmentName": "Department",
    "MRAcquisitionType": "2D",
    "MagneticFieldStrength": 3,
    "Manufacturer": "Siemens",
    "ManufacturersModelName": "Prisma",
    "Modality": "MR",
    "PartialFourier": 1,
    "PatientPosition": "HFS",
    "PercentPhaseFOV": 100,
    "PhaseEncodingDirection": "j-",
    "PhaseEncodingSteps": 74,
    "PhaseResolution": 1,
    "PixelBandwidth": 2330,
    "ProcedureStepDescription": "SMITH_SRNDNA",
    "ProtocolName": "func-bold_task-UG_run0",
    "PulseSequenceDetails": "%SiemensSeq%_ep2d_bold",
    "ReceiveCoilActiveElements": "HE1-4;NE1,2",
    "ReceiveCoilName": "HeadNeck_20",
    "ReconMatrixPE": 74,
    "RepetitionTime": 2.02,
    "SAR": 0.108879,
    "ScanOptions": "FS",
    "ScanningSequence": "EP",
    "SequenceName": "_epfid2d1_74",
    "SequenceVariant": "SK",
    "SeriesDescription": "func-bold_task-UG_run0",
    "SeriesNumber": 16,
    "ShimSetting": [
      1424,
      -7436,
      6493,
      279,
      69,
      43,
      -163,
      34
    ],
    "SliceThickness": 2.8,
    "SliceTiming": [
      1.945,
      1.8875,
      1.8325,
      1.7775,
      1.7225,
      1.6675,
      1.61,
      1.555,
      1.5,
      1.445,
      1.3875,
      1.3325,
      1.2775,
      1.2225,
      1.1675,
      1.11,
      1.055,
      1,
      0.945,
      0.8875,
      0.8325,
      0.7775,
      0.7225,
      0.6675,
      0.61,
      0.555,
      0.5,
      0.445,
      0.39,
      0.3325,
      0.2775,
      0.2225,
      0.1675,
      0.11,
      0.055,
      0
    ],
    "SoftwareVersions": "syngo_MR_E11",
    "SpacingBetweenSlices": 3.22,
    "StationName": "AWP166048",
    "TaskName": "ultimatum",
    "TotalReadoutTime": 0.0357695,
    "TxRefAmp": 295.87,
    "dataset": "unknown",
    "modality": "bold",
    "run_id": 1,
    "subject_id": "131",
    "task_id": "ultimatum"
  },
  "dummy_trs": 1,
  "dvars_nstd": 49.45496168984849,
  "dvars_std": 1.1415302580808082,
  "dvars_vstd": 0.998854714848485,
  "efc": 0.557180754173595,
  "fber": 1403.7991943359375,
  "fd_mean": 0.8530486742559906,
  "fd_num": 184,
  "fd_perc": 92.46231155778895,
  "fwhm_avg": 2.3762913707633353,
  "fwhm_x": 2.206205803781884,
  "fwhm_y": 2.706714912048163,
  "fwhm_z": 2.215953396459958,
  "gcor": 0.0102253,
  "gsr_x": -0.000745902128983289,
  "gsr_y": 0.06165678799152374,
  "provenance": {
    "md5sum": "e8655d03763dac0987cb1595cb6fbbca",
    "settings": {
      "fd_thres": 0.2,
      "hmc_fsl": false
    },
    "software": "mriqc",
    "version": "0.15.1",
    "webapi_port": null,
    "webapi_url": "https://mriqc.nimh.nih.gov/api/v1"
  },
  "size_t": 199,
  "size_x": 74,
  "size_y": 74,
  "size_z": 36,
  "snr": 5.0205040641352054,
  "spacing_tr": 2.0199999809265137,
  "spacing_x": 2.972972869873047,
  "spacing_y": 2.972972869873047,
  "spacing_z": 3.2200000286102295,
  "spikes_num": 2,
  "summary_bg_k": 24.284095647475603,
  "summary_bg_mad": 8.709355354309082,
  "summary_bg_mean": 54.28230285644531,
  "summary_bg_median": 19.964824676513672,
  "summary_bg_n": 113523.0,
  "summary_bg_p05": 12.361808776855469,
  "summary_bg_p95": 222.89396820068356,
  "summary_bg_stdv": 87.89086151123047,
  "summary_fg_k": 3.2421749250031855,
  "summary_fg_mad": 126.08824157714844,
  "summary_fg_mean": 778.5794677734375,
  "summary_fg_median": 774.7487182617188,
  "summary_fg_n": 45723.0,
  "summary_fg_p05": 552.3421813964843,
  "summary_fg_p95": 1009.7181030273439,
  "summary_fg_stdv": 154.3152313232422,
  "tsnr": 31.37117576599121
}