{
  "aor": 0.0038588613861386145,
  "aqi": 0.026514824455445545,
  "bids_meta": {
    "AcquisitionMatrixPE": 74,
    "AcquisitionNumber": 1,
    "AcquisitionTime": "17:07:6.145000",
    "BandwidthPerPixelPhaseEncode": 27.579,
    "BaseResolution": 74,
    "BodyPartExamined": "BRAIN",
    "CogAtlasID": "TODO",
    "CoilString": "HE1-4;NE1_2",
    "ConsistencyInfo": "N4_VE11C_LATEST_20160120",
    "ConversionSoftware": "dcm2niix",
    "ConversionSoftwareVersion": "v1.0.20190410  GCC6.3.0",
    "DerivedVendorReportedEchoSpacing": 0.000489993,
    "DeviceSerialNumber": "166048",
    "DwellTime": 2.9e-06,
    "EchoTime": 0.023,
    "EchoTrainLength": 74,
    "EffectiveEchoSpacing": 0.000489993,
    "FlipAngle": 76,
    "ImageOrientationPatientDICOM": [
      1,
      0,
      0,
      0,
      0.958323,
      -0.285688
    ],
    "ImageType": [
      "ORIGINAL",
      "PRIMARY",
      "M",
      "ND",
      "NORM",
      "MOSAIC"
    ],
    "ImagingFrequency": 123.246,
    "InPlanePhaseEncodingDirectionDICOM": "COL",
    "InstitutionAddress": "North_13th_1701_Philadelphia_PA_US_19122",
    "InstitutionName": "Temple_University_-_Weiss_Hall",
    "InstitutionalDepartmentName": "Department",
    "MRAcquisitionType": "2D",
    "MagneticFieldStrength": 3,
    "Manufacturer": "Siemens",
    "ManufacturersModelName": "Prisma",
    "Modality": "MR",
    "PartialFourier": 1,
    "PatientPosition": "HFS",
    "PercentPhaseFOV": 100,
    "PhaseEncodingDirection": "j-",
    "PhaseEncodingSteps": 74,
    "PhaseResolution": 1,
    "PixelBandwidth": 2330,
    "ProcedureStepDescription": "SMITH_SRNDNA",
    "ProtocolName": "func-bold_task-reward_run0",
    "PulseSequenceDetails": "%SiemensSeq%_ep2d_bold",
    "ReceiveCoilActiveElements": "HE1-4;NE1,2",
    "ReceiveCoilName": "HeadNeck_20",
    "ReconMatrixPE": 74,
    "RepetitionTime": 2.02,
    "SAR": 0.108882,
    "ScanOptions": "FS",
    "ScanningSequence": "EP",
    "SequenceName": "_epfid2d1_74",
    "SequenceVariant": "SK",
    "SeriesDescription": "func-bold_task-reward_run0",
    "SeriesNumber": 14,
    "ShimSetting": [
      1424,
      -7436,
      6493,
      279,
      69,
      43,
      -163,
      34
    ],
    "SliceThickness": 2.8,
    "SliceTiming": [
      1.945,
      1.89,
      1.835,
      1.78,
      1.7225,
      1.6675,
      1.6125,
      1.5575,
      1.5,
      1.445,
      1.39,
      1.335,
      1.28,
      1.2225,
      1.1675,
      1.1125,
      1.0575,
      1,
      0.945,
      0.89,
      0.835,
      0.78,
      0.7225,
      0.6675,
      0.6125,
      0.5575,
      0.5,
      0.445,
      0.39,
      0.335,
      0.28,
      0.2225,
      0.1675,
      0.1125,
      0.0575,
      0
    ],
    "SoftwareVersions": "syngo_MR_E11",
    "SpacingBetweenSlices": 3.22,
    "StationName": "AWP166048",
    "TaskName": "sharedreward",
    "TotalReadoutTime": 0.0357695,
    "TxRefAmp": 295.87,
    "dataset": "unknown",
    "modality": "bold",
    "run_id": 1,
    "subject_id": "131",
    "task_id": "sharedreward"
  },
  "dummy_trs": 0,
  "dvars_nstd": 35.127851429203986,
  "dvars_std": 1.062844935920398,
  "dvars_vstd": 0.9688586609950252,
  "efc": 0.5575135158301291,
  "fber": 1405.0931396484375,
  "fd_mean": 0.48791947725331836,
  "fd_num": 155,
  "fd_perc": 76.73267326732673,
  "fwhm_avg": 2.3848237460955044,
  "fwhm_x": 2.234578077493081,
  "fwhm_y": 2.7242596399293255,
  "fwhm_z": 2.195633520864106,
  "gcor": 0.011793,
  "gsr_x": -0.0020819713827222586,
  "gsr_y": 0.061970651149749756,
  "provenance": {
    "md5sum": "a8234e1fa4c16c3c16d2aae92f3904a2",
    "settings": {
      "fd_thres": 0.2,
      "hmc_fsl": false
    },
    "software": "mriqc",
    "version": "0.15.1",
    "webapi_port": null,
    "webapi_url": "https://mriqc.nimh.nih.gov/api/v1"
  },
  "size_t": 202,
  "size_x": 74,
  "size_y": 74,
  "size_z": 36,
  "snr": 5.00937533515862,
  "spacing_tr": 2.0199999809265137,
  "spacing_x": 2.972972869873047,
  "spacing_y": 2.972972869873047,
  "spacing_z": 3.2200000286102295,
  "spikes_num": 0,
  "summary_bg_k": 25.20845737210894,
  "summary_bg_mad": 9.108460426330566,
  "summary_bg_mean": 53.599544525146484,
  "summary_bg_median": 19.99504852294922,
  "summary_bg_n": 112919.0,
  "summary_bg_p05": 11.970296859741211,
  "summary_bg_p95": 218.93217926025378,
  "summary_bg_stdv": 86.10699462890625,
  "summary_fg_k": 2.940184579786229,
  "summary_fg_mad": 127.86344909667969,
  "summary_fg_mean": 780.0888671875,
  "summary_fg_median": 775.89599609375,
  "summary_fg_n": 46314.0,
  "summary_fg_p05": 547.945556640625,
  "summary_fg_p95": 1014.4994873046874,
  "summary_fg_stdv": 154.88710021972656,
  "tsnr": 33.30049133300781
}