{
  "bids_meta": {
    "AcquisitionMatrixPE": 192,
    "AcquisitionNumber": 1,
    "AcquisitionTime": "16:13:38.285000",
    "BaseResolution": 192,
    "BodyPartExamined": "BRAIN",
    "CoilString": "HE1-4;NE1_2",
    "ConsistencyInfo": "N4_VE11C_LATEST_20160120",
    "ConversionSoftware": "dcm2niix",
    "ConversionSoftwareVersion": "v1.0.20190410  GCC6.3.0",
    "DeviceSerialNumber": "166048",
    "DwellTime": 1.24e-05,
    "EchoTime": 0.0022,
    "FlipAngle": 8,
    "ImageOrientationPatientDICOM": [
      0,
      1,
      0,
      0,
      0,
      -1
    ],
    "ImageType": [
      "ORIGINAL",
      "PRIMARY",
      "M",
      "ND",
      "NORM",
      "FM3",
      "2",
      "FIL"
    ],
    "ImagingFrequency": 123.246,
    "InPlanePhaseEncodingDirectionDICOM": "ROW",
    "InstitutionAddress": "North_13th_1701_Philadelphia_PA_US_19122",
    "InstitutionName": "Temple_University_-_Weiss_Hall",
    "InstitutionalDepartmentName": "Department",
    "InversionTime": 1.15,
    "MRAcquisitionType": "3D",
    "MagneticFieldStrength": 3,
    "Manufacturer": "Siemens",
    "ManufacturersModelName": "Prisma",
    "Modality": "MR",
    "PartialFourier": 1,
    "PatientPosition": "HFS",
    "PercentPhaseFOV": 100,
    "PhaseEncodingSteps": 211,
    "PhaseOversampling": 0.1,
    "PhaseResolution": 1,
    "PixelBandwidth": 210,
    "ProcedureStepDescription": "SMITH_SRNDNA",
    "ProtocolName": "T1w-anat_mpg_07sag_iso",
    "PulseSequenceDetails": "%SiemensSeq%_tfl",
    "ReceiveCoilActiveElements": "HE1-4;NE1,2",
    "ReceiveCoilName": "HeadNeck_20",
    "ReconMatrixPE": 192,
    "RefLinesPE": 32,
    "RepetitionTime": 2.4,
    "SAR": 0.0528277,
    "ScanOptions": "IR_WE",
    "ScanningSequence": "GR_IR",
    "SequenceName": "_tfl3d1_16ns",
    "SequenceVariant": "SK_SP_MP_OSP",
    "SeriesDescription": "T1w-anat_mpg_07sag_iso",
    "SeriesNumber": 5,
    "ShimSetting": [
      1422,
      -7449,
      6471,
      49,
      39,
      -264,
      -32,
      45
    ],
    "SliceThickness": 1,
    "SoftwareVersions": "syngo_MR_E11",
    "StationName": "AWP166048",
    "TxRefAmp": 295.87,
    "dataset": "unknown",
    "modality": "T1w",
    "subject_id": "131"
  },
  "cjv": 0.9379423523418678,
  "cnr": 1.4069810050909397,
  "efc": 0.7179972513231567,
  "fber": 833.253173828125,
  "fwhm_avg": 3.916833333333333,
  "fwhm_x": 3.72742,
  "fwhm_y": 4.04957,
  "fwhm_z": 3.97351,
  "icvs_csf": 0.22562974632384147,
  "icvs_gm": 0.37008526252295093,
  "icvs_wm": 0.4042849911532076,
  "inu_med": 1.5782649517059326,
  "inu_range": 0.7648392200469971,
  "provenance": {
    "md5sum": "943089d8e3367bf22ef3a63ef8ab197d",
    "settings": {
      "testing": false
    },
    "software": "mriqc",
    "version": "0.15.1",
    "warnings": {
      "large_rot_frame": true,
      "small_air_mask": false
    },
    "webapi_port": null,
    "webapi_url": "https://mriqc.nimh.nih.gov/api/v1"
  },
  "qi_1": 6.872294738075442e-05,
  "qi_2": 0.002706076644764631,
  "rpve_csf": 15.165966382002214,
  "rpve_gm": 8.42935647974465,
  "rpve_wm": 9.392438345984107,
  "size_x": 192,
  "size_y": 192,
  "size_z": 192,
  "snr_csf": 3.374949550693765,
  "snr_gm": 9.144177626027856,
  "snr_total": 7.939622743575792,
  "snr_wm": 11.299741054005755,
  "snrd_csf": 22.30463088369706,
  "snrd_gm": 39.52152323803765,
  "snrd_total": 36.70397362770427,
  "snrd_wm": 48.2857667613781,
  "spacing_x": 1.0,
  "spacing_y": 1.0,
  "spacing_z": 1.0,
  "summary_bg_k": 6.870113887895663,
  "summary_bg_mad": 13.568770408630371,
  "summary_bg_mean": 32.13460159301758,
  "summary_bg_median": 20.930334091186523,
  "summary_bg_n": 1590309.0,
  "summary_bg_p05": 8.786272430419922,
  "summary_bg_p95": 91.36576080322263,
  "summary_bg_stdv": 28.274484634399414,
  "summary_csf_k": -0.10783890592939027,
  "summary_csf_mad": 139.21258544921875,
  "summary_csf_mean": 458.3997497558594,
  "summary_csf_median": 461.95941162109375,
  "summary_csf_n": 39635.0,
  "summary_csf_p05": 229.04478912353517,
  "summary_csf_p95": 677.7162109374999,
  "summary_csf_stdv": 136.87718200683594,
  "summary_gm_k": -0.14046175795425064,
  "summary_gm_mad": 90.86146545410156,
  "summary_gm_mean": 819.8538818359375,
  "summary_gm_median": 818.5447998046875,
  "summary_gm_n": 10280.0,
  "summary_gm_p05": 675.691259765625,
  "summary_gm_p95": 971.2738464355468,
  "summary_gm_stdv": 89.51105499267578,
  "summary_wm_k": 1.8202166821995185,
  "summary_wm_mad": 79.3933334350586,
  "summary_wm_mean": 1012.528076171875,
  "summary_wm_median": 1000.0642700195312,
  "summary_wm_n": 204593.0,
  "summary_wm_p05": 892.2090942382812,
  "summary_wm_p95": 1175.5484130859375,
  "summary_wm_stdv": 88.5030746459961,
  "tpm_overlap_csf": 0.20912311971187592,
  "tpm_overlap_gm": 0.4344748556613922,
  "tpm_overlap_wm": 0.5252382755279541,
  "wm2max": 0.6389316878364178
}