{
  "aor": 0.005506800000000001,
  "aqi": 0.01725505415,
  "bids_meta": {
    "AcquisitionMatrixPE": 74,
    "AcquisitionNumber": 1,
    "AcquisitionTime": "12:00:14.160000",
    "BandwidthPerPixelPhaseEncode": 27.579,
    "BaseResolution": 74,
    "BodyPartExamined": "BRAIN",
    "CogAtlasID": "TODO",
    "CoilString": "HE1-4;NE1_2",
    "ConsistencyInfo": "N4_VE11C_LATEST_20160120",
    "ConversionSoftware": "dcm2niix",
    "ConversionSoftwareVersion": "v1.0.20190410  GCC6.3.0",
    "DerivedVendorReportedEchoSpacing": 0.000489993,
    "DeviceSerialNumber": "166048",
    "DwellTime": 2.9e-06,
    "EchoTime": 0.023,
    "EchoTrainLength": 74,
    "EffectiveEchoSpacing": 0.000489993,
    "FlipAngle": 76,
    "ImageOrientationPatientDICOM": [
      1,
      0,
      0,
      0,
      0.954761,
      -0.297375
    ],
    "ImageType": [
      "ORIGINAL",
      "PRIMARY",
      "M",
      "ND",
      "NORM",
      "MOSAIC"
    ],
    "ImagingFrequency": 123.246,
    "InPlanePhaseEncodingDirectionDICOM": "COL",
    "InstitutionAddress": "North_13th_1701_Philadelphia_PA_US_19122",
    "InstitutionName": "Temple_University_-_Weiss_Hall",
    "InstitutionalDepartmentName": "Department",
    "MRAcquisitionType": "2D",
    "MagneticFieldStrength": 3,
    "Manufacturer": "Siemens",
    "ManufacturersModelName": "Prisma",
    "Modality": "MR",
    "PartialFourier": 1,
    "PatientPosition": "HFS",
    "PercentPhaseFOV": 100,
    "PhaseEncodingDirection": "j-",
    "PhaseEncodingSteps": 74,
    "PhaseResolution": 1,
    "PixelBandwidth": 2330,
    "ProcedureStepDescription": "SMITH_SRNDNA",
    "ProtocolName": "func-bold_task-UG_run1",
    "PulseSequenceDetails": "%SiemensSeq%_ep2d_bold",
    "ReceiveCoilActiveElements": "HE1-4;NE1,2",
    "ReceiveCoilName": "HeadNeck_20",
    "ReconMatrixPE": 74,
    "RepetitionTime": 2.02,
    "SAR": 0.095774,
    "ScanOptions": "FS",
    "ScanningSequence": "EP",
    "SequenceName": "_epfid2d1_74",
    "SequenceVariant": "SK",
    "SeriesDescription": "func-bold_task-UG_run1",
    "SeriesNumber": 17,
    "ShimSetting": [
      1450,
      -7409,
      6556,
      526,
      104,
      87,
      -106,
      53
    ],
    "SliceThickness": 2.8,
    "SliceTiming": [
      1.945,
      1.89,
      1.8325,
      1.7775,
      1.7225,
      1.6675,
      1.6125,
      1.555,
      1.5,
      1.445,
      1.39,
      1.3325,
      1.2775,
      1.2225,
      1.1675,
      1.1125,
      1.055,
      1,
      0.945,
      0.89,
      0.8325,
      0.7775,
      0.7225,
      0.6675,
      0.6125,
      0.555,
      0.5,
      0.445,
      0.39,
      0.3325,
      0.2775,
      0.2225,
      0.1675,
      0.1125,
      0.055,
      0
    ],
    "SoftwareVersions": "syngo_MR_E11",
    "SpacingBetweenSlices": 3.22,
    "StationName": "AWP166048",
    "TaskName": "ultimatum",
    "TotalReadoutTime": 0.0357695,
    "TxRefAmp": 257.693,
    "dataset": "unknown",
    "modality": "bold",
    "run_id": 2,
    "subject_id": "130",
    "task_id": "ultimatum"
  },
  "dummy_trs": 0,
  "dvars_nstd": 32.93394134778895,
  "dvars_std": 1.246451011809044,
  "dvars_vstd": 1.0076595584924626,
  "efc": 0.5028494532629372,
  "fber": 1800.9654541015625,
  "fd_mean": 0.32201287441027393,
  "fd_num": 133,
  "fd_perc": 66.5,
  "fwhm_avg": 2.370843734266907,
  "fwhm_x": 2.286751442938768,
  "fwhm_y": 2.6007300901908907,
  "fwhm_z": 2.2250496696710615,
  "gcor": 0.0221672,
  "gsr_x": -0.006431172136217356,
  "gsr_y": 0.02308044023811817,
  "provenance": {
    "md5sum": "a5b5a2bb694a97cba3de26b982bdead9",
    "settings": {
      "fd_thres": 0.2,
      "hmc_fsl": false
    },
    "software": "mriqc",
    "version": "0.15.1",
    "webapi_port": null,
    "webapi_url": "https://mriqc.nimh.nih.gov/api/v1"
  },
  "size_t": 200,
  "size_x": 74,
  "size_y": 74,
  "size_z": 36,
  "snr": 5.058766864650949,
  "spacing_tr": 2.0199999809265137,
  "spacing_x": 2.972972869873047,
  "spacing_y": 2.972972869873047,
  "spacing_z": 3.2200000286102295,
  "spikes_num": 3,
  "summary_bg_k": 75.83741103168039,
  "summary_bg_mad": 8.636157989501953,
  "summary_bg_mean": 33.63414001464844,
  "summary_bg_median": 17.604999542236328,
  "summary_bg_n": 119734.0,
  "summary_bg_p05": 9.029999732971191,
  "summary_bg_p95": 108.87074508666953,
  "summary_bg_stdv": 51.44369888305664,
  "summary_fg_k": 3.5620706772337813,
  "summary_fg_mad": 119.1493148803711,
  "summary_fg_mean": 780.1132202148438,
  "summary_fg_median": 774.9099731445312,
  "summary_fg_n": 40169.0,
  "summary_fg_p05": 561.6880126953125,
  "summary_fg_p95": 1016.8989868164061,
  "summary_fg_stdv": 153.1796875,
  "tsnr": 45.8373908996582
}