{
  "aor": 0.006489351851851853,
  "aqi": 0.03622583333333334,
  "bids_meta": {
    "AcquisitionMatrixPE": 74,
    "AcquisitionNumber": 1,
    "AcquisitionTime": "11:09:11.275000",
    "BandwidthPerPixelPhaseEncode": 27.579,
    "BaseResolution": 74,
    "BodyPartExamined": "BRAIN",
    "CogAtlasID": "TODO",
    "CoilString": "HE1-4;NE1_2",
    "ConsistencyInfo": "N4_VE11C_LATEST_20160120",
    "ConversionSoftware": "dcm2niix",
    "ConversionSoftwareVersion": "v1.0.20190410  GCC6.3.0",
    "DerivedVendorReportedEchoSpacing": 0.000489993,
    "DeviceSerialNumber": "166048",
    "DwellTime": 2.9e-06,
    "EchoTime": 0.023,
    "EchoTrainLength": 74,
    "EffectiveEchoSpacing": 0.000489993,
    "FlipAngle": 76,
    "ImageOrientationPatientDICOM": [
      1,
      0,
      0,
      0,
      0.954761,
      -0.297375
    ],
    "ImageType": [
      "ORIGINAL",
      "PRIMARY",
      "M",
      "ND",
      "NORM",
      "MOSAIC"
    ],
    "ImagingFrequency": 123.246,
    "InPlanePhaseEncodingDirectionDICOM": "COL",
    "InstitutionAddress": "North_13th_1701_Philadelphia_PA_US_19122",
    "InstitutionName": "Temple_University_-_Weiss_Hall",
    "InstitutionalDepartmentName": "Department",
    "MRAcquisitionType": "2D",
    "MagneticFieldStrength": 3,
    "Manufacturer": "Siemens",
    "ManufacturersModelName": "Prisma",
    "Modality": "MR",
    "PartialFourier": 1,
    "PatientPosition": "HFS",
    "PercentPhaseFOV": 100,
    "PhaseEncodingDirection": "j-",
    "PhaseEncodingSteps": 74,
    "PhaseResolution": 1,
    "PixelBandwidth": 2330,
    "ProcedureStepDescription": "SMITH_SRNDNA",
    "ProtocolName": "func-bold_trust_run2",
    "PulseSequenceDetails": "%SiemensSeq%_ep2d_bold",
    "ReceiveCoilActiveElements": "HE1-4;NE1,2",
    "ReceiveCoilName": "HeadNeck_20",
    "ReconMatrixPE": 74,
    "RepetitionTime": 2.02,
    "SAR": 0.0958013,
    "ScanOptions": "FS",
    "ScanningSequence": "EP",
    "SequenceName": "_epfid2d1_74",
    "SequenceVariant": "SK",
    "SeriesDescription": "func-bold_trust_run2",
    "SeriesNumber": 11,
    "ShimSetting": [
      1450,
      -7409,
      6556,
      526,
      104,
      87,
      -106,
      53
    ],
    "SliceThickness": 2.8,
    "SliceTiming": [
      1.945,
      1.89,
      1.8325,
      1.7775,
      1.7225,
      1.6675,
      1.6125,
      1.555,
      1.5,
      1.445,
      1.39,
      1.335,
      1.2775,
      1.2225,
      1.1675,
      1.1125,
      1.055,
      1,
      0.945,
      0.89,
      0.835,
      0.7775,
      0.7225,
      0.6675,
      0.6125,
      0.555,
      0.5,
      0.445,
      0.39,
      0.335,
      0.2775,
      0.2225,
      0.1675,
      0.1125,
      0.055,
      0
    ],
    "SoftwareVersions": "syngo_MR_E11",
    "SpacingBetweenSlices": 3.22,
    "StationName": "AWP166048",
    "TaskName": "trust",
    "TotalReadoutTime": 0.0357695,
    "TxRefAmp": 257.693,
    "dataset": "unknown",
    "modality": "bold",
    "run_id": 3,
    "subject_id": "130",
    "task_id": "trust"
  },
  "dummy_trs": 1,
  "dvars_nstd": 35.74941882646512,
  "dvars_std": 1.1121125613953486,
  "dvars_vstd": 1.0727252413488377,
  "efc": 0.4934198232035459,
  "fber": 1964.245849609375,
  "fd_mean": 0.4868790089500442,
  "fd_num": 192,
  "fd_perc": 88.88888888888889,
  "fwhm_avg": 2.414817333597497,
  "fwhm_x": 2.317054443989648,
  "fwhm_y": 2.6652950924299446,
  "fwhm_z": 2.2621024643728975,
  "gcor": 0.0162896,
  "gsr_x": -0.0006499252049252391,
  "gsr_y": 0.020672671496868134,
  "provenance": {
    "md5sum": "c6ce5ae1124ad721961d1e9f7a039f6e",
    "settings": {
      "fd_thres": 0.2,
      "hmc_fsl": false
    },
    "software": "mriqc",
    "version": "0.15.1",
    "webapi_port": null,
    "webapi_url": "https://mriqc.nimh.nih.gov/api/v1"
  },
  "size_t": 216,
  "size_x": 74,
  "size_y": 74,
  "size_z": 36,
  "snr": 5.192795832306477,
  "spacing_tr": 2.0199999809265137,
  "spacing_x": 2.972972869873047,
  "spacing_y": 2.972972869873047,
  "spacing_z": 3.2200000286102295,
  "spikes_num": 33,
  "summary_bg_k": 71.8521720919643,
  "summary_bg_mad": 8.511236190795898,
  "summary_bg_mean": 30.764667510986328,
  "summary_bg_median": 17.134260177612305,
  "summary_bg_n": 120797.0,
  "summary_bg_p05": 8.625,
  "summary_bg_p95": 99.50648345947263,
  "summary_bg_stdv": 41.10123825073242,
  "summary_fg_k": 3.4518947176626584,
  "summary_fg_mad": 117.81195068359375,
  "summary_fg_mean": 780.5800170898438,
  "summary_fg_median": 775.94677734375,
  "summary_fg_n": 39440.0,
  "summary_fg_p05": 566.4976867675781,
  "summary_fg_p95": 1011.7065124511716,
  "summary_fg_stdv": 149.4256591796875,
  "tsnr": 31.88714599609375
}